NUGET
  remote: https://nuget.org/api/v2
  specs:
    DotNetZip (1.9.3)
    FAKE (3.15.0)
    FSharp.Compiler.Service (0.0.82)
    FSharp.Core (3.1.2.1)
    FSharp.Formatting (2.7.4)
      FSharp.Compiler.Service (>= 0.0.82)
      FSharpVSPowerTools.Core (>= 1.7.0)
    FSharpLint (0.1.15)
    FSharpVSPowerTools.Core (1.7.0)
      FSharp.Compiler.Service (>= 0.0.81)
    Microsoft.Bcl (1.1.9)
      Microsoft.Bcl.Build (>= 1.0.14)
    Microsoft.Bcl.Build (1.0.21)
    Microsoft.Net.Http (2.2.28)
      Microsoft.Bcl (>= 1.1.9)
      Microsoft.Bcl.Build (>= 1.0.14)
    Newtonsoft.Json (6.0.8)
    NuGet.CommandLine (2.8.3)
    NUnit (2.6.4)
    NUnit.Runners (2.6.4)
    Octokit (0.6.2)
      Microsoft.Net.Http
    UnionArgParser (0.8.4)
GITHUB
  remote: forki/FsUnit
  specs:
    FsUnit.fs (a8830b5a70e72a1948592cfa1e43e3c5b0a31b92)
  remote: fsharp/FAKE
  specs:
    modules/Octokit/Octokit.fsx (0d82fea265404d0339744fbe10617fb2737a0c87)
      Octokit